ObjectType = Image
NDims = 3
BinaryData = True
BinaryDataByteOrderMSB = False
CompressedData = False
TransformMatrix = 1 0 0 0 1 0 0 0 1
Offset = -9.4750 -66.6441 -54.8712
CenterOfRotation = 0 0 0
ElementSpacing = 0.0500 0.0500 0.0500
DimSize = 1918 2227 2168
AnatomicalOrientation = ???
ElementType = MET_UCHAR
ObjectType = Image
ElementDataFile = scattered_p_-996454155.raw
