ObjectType = Image
NDims = 3
BinaryData = True
BinaryDataByteOrderMSB = False
CompressedData = False
TransformMatrix = 1 0 0 0 1 0 0 0 1
Offset = -9.4750 -77.4765 -58.1117
CenterOfRotation = 0 0 0
ElementSpacing = 0.0500 0.0500 0.0500
DimSize = 2440 2589 2198
AnatomicalOrientation = ???
ElementType = MET_UCHAR
ObjectType = Image
ElementDataFile = fatty_p_-249458708.raw
