ObjectType = Image
NDims = 3
BinaryData = True
BinaryDataByteOrderMSB = False
CompressedData = False
TransformMatrix = 1 0 0 0 1 0 0 0 1
Offset = -9.4750 -53.6263 -45.1934
CenterOfRotation = 0 0 0
ElementSpacing = 0.0500 0.0500 0.0500
DimSize = 1495 1791 1794
AnatomicalOrientation = ???
ElementType = MET_UCHAR
ObjectType = Image
ElementDataFile = hetero_p_-910810822.raw
